PATH
  remote: .
  specs:
    bcome (1.0.0)
      aws-sdk (~> 2)
      fog-aws (~> 0.12.0)
      net-scp (~> 1.2, >= 1.2.1)
      pmap (= 1.1.1)
      rainbow (= 2.0.0)
      require_all (= 1.3.3)
      rsync (~> 1.0)

GEM
  remote: https://rubygems.org/
  specs:
    aws-sdk (2.9.14)
      aws-sdk-resources (= 2.9.14)
    aws-sdk-core (2.9.14)
      aws-sigv4 (~> 1.0)
      jmespath (~> 1.0)
    aws-sdk-resources (2.9.14)
      aws-sdk-core (= 2.9.14)
    aws-sigv4 (1.0.0)
    builder (3.2.3)
    excon (0.55.0)
    fog-aws (0.12.0)
      fog-core (~> 1.38)
      fog-json (~> 1.0)
      fog-xml (~> 0.1)
      ipaddress (~> 0.8)
    fog-core (1.44.0)
      builder
      excon (~> 0.49)
      formatador (~> 0.2)
      xmlrpc
    fog-json (1.0.2)
      fog-core (~> 1.0)
      multi_json (~> 1.10)
    fog-xml (0.1.3)
      fog-core
      nokogiri (>= 1.5.11, < 2.0.0)
    formatador (0.2.5)
    ipaddress (0.8.3)
    jmespath (1.3.1)
    mini_portile2 (2.1.0)
    multi_json (1.12.1)
    net-scp (1.2.1)
      net-ssh (>= 2.6.5)
    net-ssh (4.1.0)
    nokogiri (1.7.1)
      mini_portile2 (~> 2.1.0)
    pmap (1.1.1)
    power_assert (1.0.1)
    rainbow (2.0.0)
    require_all (1.3.3)
    rsync (1.0.9)
    test-unit (3.2.3)
      power_assert
    xmlrpc (0.3.0)

PLATFORMS
  ruby

DEPENDENCIES
  bcome!
  test-unit

BUNDLED WITH
   1.14.5
