PATH
  remote: .
  specs:
    bcome (1.2.0)
      activesupport (= 5.1)
      awesome_print (= 1.8.0)
      fog-aws (~> 0.12.0)
      net-scp (~> 1.2, >= 1.2.1)
      net-ssh (= 4.1.0)
      pmap (= 1.1.1)
      rainbow (~> 2.2.1)
      require_all (= 1.3.3)
      rsync (~> 1.0)

GEM
  remote: https://rubygems.org/
  specs:
    activesupport (5.1.0)
      concurrent-ruby (~> 1.0, >= 1.0.2)
      i18n (~> 0.7)
      minitest (~> 5.1)
      tzinfo (~> 1.1)
    ast (2.3.0)
    awesome_print (1.8.0)
    builder (3.2.3)
    concurrent-ruby (1.0.5)
    excon (0.60.0)
    fog-aws (0.12.0)
      fog-core (~> 1.38)
      fog-json (~> 1.0)
      fog-xml (~> 0.1)
      ipaddress (~> 0.8)
    fog-core (1.45.0)
      builder
      excon (~> 0.58)
      formatador (~> 0.2)
    fog-json (1.0.2)
      fog-core (~> 1.0)
      multi_json (~> 1.10)
    fog-xml (0.1.3)
      fog-core
      nokogiri (>= 1.5.11, < 2.0.0)
    formatador (0.2.5)
    i18n (0.9.1)
      concurrent-ruby (~> 1.0)
    ipaddress (0.8.3)
    metaclass (0.0.4)
    mini_portile2 (2.3.0)
    minitest (5.10.3)
    mocha (1.2.1)
      metaclass (~> 0.0.1)
    multi_json (1.13.1)
    net-scp (1.2.1)
      net-ssh (>= 2.6.5)
    net-ssh (4.1.0)
    nokogiri (1.8.2)
      mini_portile2 (~> 2.3.0)
    parallel (1.12.0)
    parser (2.4.0.2)
      ast (~> 2.3)
    pmap (1.1.1)
    power_assert (1.0.2)
    powerpack (0.1.1)
    rainbow (2.2.2)
      rake
    rake (12.3.0)
    require_all (1.3.3)
    rsync (1.0.9)
    rubocop (0.51.0)
      parallel (~> 1.10)
      parser (>= 2.3.3.1, < 3.0)
      powerpack (~> 0.1)
      rainbow (>= 2.2.2, < 3.0)
      ruby-progressbar (~> 1.7)
      unicode-display_width (~> 1.0, >= 1.0.1)
    ruby-prof (0.16.2)
    ruby-progressbar (1.9.0)
    test-unit (3.2.5)
      power_assert
    test-unit-activesupport (1.0.8)
      activesupport
      test-unit
    thread_safe (0.3.6)
    tzinfo (1.2.4)
      thread_safe (~> 0.1)
    unicode-display_width (1.3.0)

PLATFORMS
  ruby

DEPENDENCIES
  bcome!
  mocha
  rake
  require_all
  rubocop
  ruby-prof
  test-unit
  test-unit-activesupport

BUNDLED WITH
   1.16.0
